GEM
  remote: http://rubygems.org/
  specs:
    ast (2.3.0)
    firebase (0.2.6)
      httpclient
      json
    httpclient (2.8.0)
    json (1.7.7)
    minitest (5.9.0)
    parser (2.3.3.0)
      ast (~> 2.2)
    powerpack (0.1.1)
    rainbow (2.1.0)
    rake (11.2.2)
    rubocop (0.45.0)
      parser (>= 2.3.1.1, < 3.0)
      powerpack (~> 0.1)
      rainbow (>= 1.99.1, < 3.0)
      ruby-progressbar (~> 1.7)
      unicode-display_width (~> 1.0, >= 1.0.1)
    ruby-progressbar (1.8.1)
    timecop (0.8.1)
    unicode-display_width (1.1.1)

PLATFORMS
  ruby
  x86-mingw32

DEPENDENCIES
  firebase
  minitest
  rake
  rubocop
  timecop

BUNDLED WITH
   1.11.2
